GEM
  remote: https://rubygems.org/
  specs:
    actioncable (5.2.8.1)
      actionpack (= 5.2.8.1)
      nio4r (~> 2.0)
      websocket-driver (>= 0.6.1)
    actionmailer (5.2.8.1)
      actionpack (= 5.2.8.1)
      actionview (= 5.2.8.1)
      activejob (= 5.2.8.1)
      mail (~> 2.5, >= 2.5.4)
      rails-dom-testing (~> 2.0)
    actionpack (5.2.8.1)
      actionview (= 5.2.8.1)
      activesupport (= 5.2.8.1)
      rack (~> 2.0, >= 2.0.8)
      rack-test (>= 0.6.3)
      rails-dom-testing (~> 2.0)
      rails-html-sanitizer (~> 1.0, >= 1.0.2)
    actionview (5.2.8.1)
      activesupport (= 5.2.8.1)
      builder (~> 3.1)
      erubi (~> 1.4)
      rails-dom-testing (~> 2.0)
      rails-html-sanitizer (~> 1.0, >= 1.0.3)
    active_utils (3.3.19)
      activesupport (>= 4.2)
      i18n
    activejob (5.2.8.1)
      activesupport (= 5.2.8.1)
      globalid (>= 0.3.6)
    activemerchant (1.126.0)
      activesupport (>= 4.2)
      builder (>= 2.1.2, < 4.0.0)
      i18n (>= 0.6.9)
      nokogiri (~> 1.4)
    activemodel (5.2.8.1)
      activesupport (= 5.2.8.1)
    activerecord (5.2.8.1)
      activemodel (= 5.2.8.1)
      activesupport (= 5.2.8.1)
      arel (>= 9.0)
    activestorage (5.2.8.1)
      actionpack (= 5.2.8.1)
      activerecord (= 5.2.8.1)
      marcel (~> 1.0.0)
    activesupport (5.2.8.1)
      concurrent-ruby (~> 1.0, >= 1.0.2)
      i18n (>= 0.7, < 2)
      minitest (~> 5.1)
      tzinfo (~> 1.1)
    addressable (2.8.1)
      public_suffix (>= 2.0.2, < 6.0)
    archive-zip (0.12.0)
      io-like (~> 0.3.0)
    arel (9.0.0)
    autoprefixer-rails (6.5.4)
      execjs
    avalanche-rails (1.2.0)
    bcrypt (3.1.18)
    bindex (0.8.1)
    browser (2.6.1)
    bson (4.15.0)
    builder (3.2.4)
    byebug (11.1.3)
    capybara (3.36.0)
      addressable
      matrix
      mini_mime (>= 0.1.3)
      nokogiri (~> 1.8)
      rack (>= 1.6.0)
      rack-test (>= 0.6.3)
      regexp_parser (>= 1.5, < 3.0)
      xpath (~> 3.2)
    capybara-chromedriver-logger (0.2.1)
      capybara
      colorize
    chart-horizontalbar-rails (1.0.4)
    chart-js-rails (0.0.9)
      railties (> 3.1)
    chartkick (3.4.2)
    childprocess (3.0.0)
    chromedriver-helper (2.1.1)
      archive-zip (~> 0.10)
      nokogiri (~> 1.8)
    coffee-rails (5.0.0)
      coffee-script (>= 2.2.0)
      railties (>= 5.2.0)
    coffee-script (2.4.1)
      coffee-script-source
      execjs
    coffee-script-source (1.12.2)
    colorize (0.8.1)
    concurrent-ruby (1.1.10)
    connection_pool (2.3.0)
    countries (2.1.4)
      i18n_data (~> 0.8.0)
      money (~> 6.9)
      sixarm_ruby_unaccent (~> 1.1)
      unicode_utils (~> 1.4)
    crack (0.4.5)
      rexml
    crass (1.0.6)
    css_parser (1.12.0)
      addressable
    dragonfly (1.1.5)
      addressable (~> 2.3)
      multi_json (~> 1.0)
      rack (>= 1.3)
    dragonfly-s3_data_store (1.3.0)
      dragonfly (~> 1.0)
      fog-aws
    easymon (1.4.2)
      redis
    ejs (1.1.1)
    elasticsearch (5.0.5)
      elasticsearch-api (= 5.0.5)
      elasticsearch-transport (= 5.0.5)
    elasticsearch-api (5.0.5)
      multi_json
    elasticsearch-transport (5.0.5)
      faraday
      multi_json
    erubi (1.11.0)
    et-orbi (1.2.7)
      tzinfo
    excon (0.93.0)
    execjs (2.8.1)
    exifr (1.3.10)
    faker (1.8.7)
      i18n (>= 0.7)
    faraday (0.15.4)
      multipart-post (>= 1.2, < 3)
    fastimage (1.6.8)
      addressable (~> 2.3, >= 2.3.5)
    featurejs_rails (1.0.1.1)
    ffi (1.9.25)
    fog-aws (3.15.0)
      fog-core (~> 2.1)
      fog-json (~> 1.1)
      fog-xml (~> 0.1)
    fog-core (2.3.0)
      builder
      excon (~> 0.71)
      formatador (>= 0.2, < 2.0)
      mime-types
    fog-json (1.2.0)
      fog-core
      multi_json (~> 1.10)
    fog-xml (0.1.4)
      fog-core
      nokogiri (>= 1.5.11, < 2.0.0)
    formatador (1.1.0)
    fspath (3.1.2)
    geocoder (1.6.7)
    globalid (1.0.0)
      activesupport (>= 5.0)
    haml (5.0.4)
      temple (>= 0.8.0)
      tilt
    hashdiff (1.0.1)
    htmlentities (4.3.4)
    i18n (1.0.1)
      concurrent-ruby (~> 1.0)
    i18n-js (3.2.3)
      i18n (>= 0.6.6)
    i18n_data (0.8.0)
    icalendar (2.4.1)
    image_optim (0.26.5)
      exifr (~> 1.2, >= 1.2.2)
      fspath (~> 3.0)
      image_size (>= 1.5, < 3)
      in_threads (~> 1.3)
      progress (~> 3.0, >= 3.0.1)
    image_optim_pack (0.5.0.20171101)
      fspath (>= 2.1, < 4)
      image_optim (~> 0.19)
    image_size (2.1.2)
    in_threads (1.6.0)
    inline_svg (1.3.1)
      activesupport (>= 3.0)
      nokogiri (>= 1.6)
    io-like (0.3.1)
    jbuilder (2.7.0)
      activesupport (>= 4.2.0)
      multi_json (>= 1.2)
    jquery-livetype-rails (0.1.0)
    jquery-rails (4.4.0)
      rails-dom-testing (>= 1, < 3)
      railties (>= 4.2.0)
      thor (>= 0.14, < 2.0)
    jquery-ui-rails (6.0.1)
      railties (>= 3.2.16)
    jquery-unique-clone-rails (1.0.0)
    jquery-validation-rails (1.19.0)
    js-routes (1.3.3)
      railties (>= 3.2)
      sprockets-rails
    json-stream (0.2.1)
    json-streamer (2.0.1)
      json-stream
    kaminari (1.2.2)
      activesupport (>= 4.1.0)
      kaminari-actionview (= 1.2.2)
      kaminari-activerecord (= 1.2.2)
      kaminari-core (= 1.2.2)
    kaminari-actionview (1.2.2)
      actionview
      kaminari-core (= 1.2.2)
    kaminari-activerecord (1.2.2)
      activerecord
      kaminari-core (= 1.2.2)
    kaminari-core (1.2.2)
    kaminari-mongoid (0.1.2)
      kaminari
    launchy (2.4.3)
      addressable (~> 2.3)
    listen (3.1.5)
      rb-fsevent (~> 0.9, >= 0.9.4)
      rb-inotify (~> 0.9, >= 0.9.7)
      ruby_dep (~> 1.2)
    local_time (1.0.3)
      coffee-rails
    lodash-rails (4.17.21)
      railties (>= 3.1)
    loofah (2.3.1)
      crass (~> 1.0.2)
      nokogiri (>= 1.5.9)
    mail (2.7.1)
      mini_mime (>= 0.1.1)
    marcel (1.0.2)
    matrix (0.4.2)
    measured (2.8.2)
      activesupport (>= 5.2)
    metaclass (0.0.4)
    method_source (1.0.0)
    mime-types (3.4.1)
      mime-types-data (~> 3.2015)
    mime-types-data (3.2022.0105)
    mini_mime (1.1.2)
    mini_portile2 (2.8.0)
    minitest (5.10.3)
    minitest-retry (0.1.9)
      minitest (>= 5.0)
    mocha (1.3.0)
      metaclass (~> 0.0.1)
    monetize (1.9.4)
      money (~> 6.12)
    money (6.12.0)
      i18n (>= 0.6.4, < 1.1)
    money-rails (1.12.0)
      activesupport (>= 3.0)
      monetize (~> 1.9.0)
      money (~> 6.12.0)
      railties (>= 3.0)
    mongo (2.18.1)
      bson (>= 4.14.1, < 5.0.0)
    mongoid (6.4.8)
      activemodel (>= 5.1, < 6.0.0)
      mongo (>= 2.5.1, < 3.0.0)
    mongoid-active_merchant (0.2.3)
      activemerchant (>= 1.52)
      mongoid (>= 4.0.0)
    mongoid-audit_log (0.5.1)
      mongoid (>= 6.0.x, < 7.0)
    mongoid-document_path (0.1.0)
      mongoid (>= 6.0)
    mongoid-encrypted (1.0.0)
      activesupport (>= 5.2.0)
      mongoid (>= 6.4.0)
    mongoid-sample (0.1.0)
      mongoid (>= 4.0)
    mongoid-tree (2.1.1)
      mongoid (>= 4.0, < 8)
    multi_json (1.15.0)
    multipart-post (2.2.3)
    net-sftp (2.1.2)
      net-ssh (>= 2.6.5)
    net-ssh (7.0.1)
    nio4r (2.5.8)
    nokogiri (1.13.8)
      mini_portile2 (~> 2.8.0)
      racc (~> 1.4)
    normalize-rails (4.1.1)
    predictor (2.3.1)
      redis (>= 3.0.0)
    premailer (1.15.0)
      addressable
      css_parser (>= 1.6.0)
      htmlentities (>= 4.0.0)
    premailer-rails (1.10.3)
      actionmailer (>= 3)
      premailer (~> 1.7, >= 1.7.9)
    progress (3.6.0)
    public_suffix (5.0.0)
    puma (5.6.5)
      nio4r (~> 2.0)
    racc (1.6.0)
    rack (2.2.4)
    rack-attack (6.3.1)
      rack (>= 1.0, < 3)
    rack-cache (1.13.0)
      rack (>= 0.4)
    rack-protection (3.0.2)
      rack
    rack-test (2.0.2)
      rack (>= 1.3)
    rack-timeout (0.1.2)
    rails (5.2.8.1)
      actioncable (= 5.2.8.1)
      actionmailer (= 5.2.8.1)
      actionpack (= 5.2.8.1)
      actionview (= 5.2.8.1)
      activejob (= 5.2.8.1)
      activemodel (= 5.2.8.1)
      activerecord (= 5.2.8.1)
      activestorage (= 5.2.8.1)
      activesupport (= 5.2.8.1)
      bundler (>= 1.3.0)
      railties (= 5.2.8.1)
      sprockets-rails (>= 2.0.0)
    rails-decorators (0.1.3)
      rails (>= 5.0.2, < 6.0.0)
    rails-dom-testing (2.0.3)
      activesupport (>= 4.2.0)
      nokogiri (>= 1.6)
    rails-html-sanitizer (1.4.3)
      loofah (~> 2.3)
    railties (5.2.8.1)
      actionpack (= 5.2.8.1)
      activesupport (= 5.2.8.1)
      method_source
      rake (>= 0.8.7)
      thor (>= 0.19.0, < 2.0)
    rake (13.0.6)
    rb-fsevent (0.11.2)
    rb-inotify (0.10.1)
      ffi (~> 1.0)
    redcarpet (3.5.1)
    redis (4.5.1)
    redis-actionpack (5.3.0)
      actionpack (>= 5, < 8)
      redis-rack (>= 2.1.0, < 3)
      redis-store (>= 1.1.0, < 2)
    redis-activesupport (5.3.0)
      activesupport (>= 3, < 8)
      redis-store (>= 1.3, < 2)
    redis-prescription (1.0.0)
    redis-rack (2.1.4)
      rack (>= 2.0.8, < 3)
      redis-store (>= 1.2, < 2)
    redis-rack-cache (2.2.1)
      rack-cache (>= 1.10, < 2)
      redis-store (>= 1.6, < 2)
    redis-rails (5.0.2)
      redis-actionpack (>= 5.0, < 6)
      redis-activesupport (>= 5.0, < 6)
      redis-store (>= 1.2, < 2)
    redis-store (1.9.1)
      redis (>= 4, < 5)
    referer-parser (0.3.0)
    regexp_parser (2.6.0)
    rexml (3.2.5)
    ruby-stemmer (0.9.6)
    ruby_dep (1.5.0)
    rubyzip (1.3.0)
    rufus-scheduler (3.4.2)
      et-orbi (~> 1.0)
    sass (3.7.4)
      sass-listen (~> 4.0.0)
    sass-listen (4.0.0)
      rb-fsevent (~> 0.9, >= 0.9.4)
      rb-inotify (~> 0.9, >= 0.9.7)
    sass-rails (5.1.0)
      railties (>= 5.2.0)
      sass (~> 3.1)
      sprockets (>= 2.8, < 4.0)
      sprockets-rails (>= 2.0, < 4.0)
      tilt (>= 1.1, < 3)
    sassc (1.12.1)
      ffi (~> 1.9.6)
      sass (>= 3.3.0)
    sassc-rails (1.3.0)
      railties (>= 4.0.0)
      sass
      sassc (~> 1.9)
      sprockets (> 2.11)
      sprockets-rails
      tilt
    select2-rails (4.0.13)
    selenium-webdriver (3.142.7)
      childprocess (>= 0.5, < 4.0)
      rubyzip (>= 1.2.2)
    serviceworker-rails (0.5.5)
      railties (>= 3.1)
    sidekiq (5.2.10)
      connection_pool (~> 2.2, >= 2.2.2)
      rack (~> 2.0)
      rack-protection (>= 1.5.0)
      redis (~> 4.5, < 4.6.0)
    sidekiq-cron (0.6.3)
      rufus-scheduler (>= 3.3.0)
      sidekiq (>= 4.2.1)
    sidekiq-throttled (0.8.2)
      redis-prescription
      sidekiq
    sidekiq-unique-jobs (6.0.25)
      concurrent-ruby (~> 1.0, >= 1.0.5)
      sidekiq (>= 4.0, < 7.0)
      thor (>= 0.20, < 2.0)
    sixarm_ruby_unaccent (1.2.0)
    spectrum-rails (1.8.1)
      railties (>= 3.1)
    sprockets (3.7.2)
      concurrent-ruby (~> 1.0)
      rack (> 1, < 3)
    sprockets-rails (3.2.2)
      actionpack (>= 4.0)
      activesupport (>= 4.0)
      sprockets (>= 3.0.0)
    strftime-rails (0.9.2)
    teaspoon (1.1.5)
      railties (>= 3.2.5, < 6)
    teaspoon-mocha (2.3.3)
      teaspoon (>= 1.0.0)
    temple (0.8.2)
    thor (1.2.1)
    thread_safe (0.3.6)
    tilt (2.0.11)
    tooltipster-rails (4.1.2)
    tribute (3.6.0.0)
    turbolinks (5.0.1)
      turbolinks-source (~> 5)
    turbolinks-source (5.2.0)
    tzinfo (1.2.10)
      thread_safe (~> 0.1)
    uglifier (4.2.0)
      execjs (>= 0.3.0, < 3)
    unicode_utils (1.4.0)
    vcr (2.9.3)
    waypoints_rails (4.0.1)
    web-console (3.7.0)
      actionview (>= 5.0)
      activemodel (>= 5.0)
      bindex (>= 0.4.0)
      railties (>= 5.0)
    webcomponentsjs-rails (0.7.12)
    webdrivers (3.9.4)
      nokogiri (~> 1.6)
      rubyzip (~> 1.0)
      selenium-webdriver (~> 3.0)
    webmock (3.5.1)
      addressable (>= 2.3.6)
      crack (>= 0.3.2)
      hashdiff
    websocket-driver (0.7.5)
      websocket-extensions (>= 0.1.0)
    websocket-extensions (0.1.5)
    workarea (3.5.27)
      workarea-admin (= 3.5.27)
      workarea-core (= 3.5.27)
      workarea-storefront (= 3.5.27)
      workarea-testing (= 3.5.27)
    workarea-admin (3.5.27)
      workarea-core (= 3.5.27)
      workarea-storefront (= 3.5.27)
    workarea-core (3.5.27)
      active_utils (~> 3.3.1)
      activemerchant (~> 1.52)
      autoprefixer-rails (~> 6.5.1)
      avalanche-rails (~> 1.2.0)
      bcrypt (~> 3.1.10)
      browser (~> 2.6.1)
      bundler (>= 1.8.0)
      chart-horizontalbar-rails (~> 1.0.4)
      chart-js-rails (~> 0.0.9)
      chartkick (~> 3.4.0)
      countries (~> 2.1.4)
      dragonfly (~> 1.1.2)
      dragonfly-s3_data_store (~> 1.3.0)
      easymon (~> 1.4.0)
      ejs (~> 1.1.1)
      elasticsearch (~> 5.0.1)
      faker (~> 1.8.4)
      faraday (~> 0.15.4)
      fastimage (~> 1.6.3)
      featurejs_rails (~> 1.0.1)
      geocoder (~> 1.6.3)
      haml (~> 5.0.1)
      i18n-js (~> 3.2.1)
      icalendar (~> 2.4.1)
      image_optim (~> 0.26.0)
      image_optim_pack (= 0.5.0.20171101)
      inline_svg (~> 1.3.0)
      jbuilder (~> 2.7.0)
      jquery-livetype-rails (~> 0.1.0)
      jquery-rails (~> 4.4.0)
      jquery-ui-rails (~> 6.0.1)
      jquery-unique-clone-rails (~> 1.0.0)
      jquery-validation-rails (~> 1.19.0)
      js-routes (~> 1.3.0)
      json-streamer (~> 2.0.1)
      kaminari (~> 1.2.1)
      kaminari-mongoid (~> 0.1.2)
      local_time (~> 1.0.3)
      lodash-rails (~> 4.17.4)
      loofah (~> 2.3.1)
      measured (>= 2.0)
      minitest (~> 5.10.3, >= 5.10.1)
      money-rails (~> 1.12.0)
      mongoid (~> 6.4.0)
      mongoid-active_merchant (~> 0.2.0)
      mongoid-audit_log (>= 0.5.0)
      mongoid-document_path (~> 0.1.0)
      mongoid-encrypted (~> 1.0.0)
      mongoid-sample (~> 0.1.0)
      mongoid-tree (~> 2.1.0)
      net-sftp (~> 2.1.2)
      normalize-rails (~> 4.1.1)
      predictor (~> 2.3.0)
      premailer-rails (~> 1.10.1)
      puma (>= 4.3.1)
      rack (>= 2.1.4)
      rack-attack (~> 6.3.1)
      rack-timeout (~> 0.1.1)
      rails (~> 5.2.0)
      rails-decorators (~> 0.1.2)
      redcarpet (~> 3.5.1, >= 3.5.1)
      redis-rack-cache (~> 2.2.0)
      redis-rails (~> 5.0.0)
      referer-parser (~> 0.3.0)
      ruby-stemmer (~> 0.9.6)
      rufus-scheduler (< 3.5.0)
      sassc-rails (~> 1.3.0)
      select2-rails (~> 4.0.3)
      serviceworker-rails (~> 0.5.5)
      sidekiq (~> 5.2.2)
      sidekiq-cron (~> 0.6.3)
      sidekiq-throttled (~> 0.8.2)
      sidekiq-unique-jobs (~> 6.0.6)
      spectrum-rails (~> 1.8.0)
      sprockets (~> 3.7.2)
      sprockets-rails (~> 3.2.0)
      strftime-rails (~> 0.9.2)
      tooltipster-rails (~> 4.1.2)
      tribute (~> 3.6.0.0)
      turbolinks (~> 5.0.1)
      waypoints_rails (~> 4.0.1)
      webcomponentsjs-rails (~> 0.7.12)
      wysihtml-rails (~> 0.6.0.beta2)
    workarea-storefront (3.5.27)
      workarea-core (= 3.5.27)
    workarea-testing (3.5.27)
      capybara (~> 3.18)
      capybara-chromedriver-logger (~> 0.2.1)
      launchy (~> 2.4.3)
      minitest-retry (~> 0.1.5)
      mocha (~> 1.3.0)
      selenium-webdriver (~> 3.142)
      teaspoon (~> 1.1.5)
      teaspoon-mocha (~> 2.3.3)
      vcr (~> 2.9.0)
      webdrivers (~> 3.0)
      webmock (~> 3.5.0)
      workarea-core (= 3.5.27)
    wysihtml-rails (0.6.0.beta2)
      railties (>= 3.1.0)
    xml-simple (1.1.5)
    xpath (3.2.0)
      nokogiri (~> 1.8)

PLATFORMS
  ruby

DEPENDENCIES
  byebug
  capybara (>= 2.15)
  chromedriver-helper
  jbuilder (~> 2.5)
  listen (>= 3.0.5, < 3.2)
  rails (~> 5.2.3)
  sass-rails (~> 5.0)
  selenium-webdriver
  tzinfo-data
  uglifier (>= 1.3.0)
  web-console (>= 3.3.0)
  workarea
  xml-simple (~> 1.1, >= 1.1.5)

RUBY VERSION
   ruby 2.6.2p47

BUNDLED WITH
   2.0.2
